NUGET
  remote: https://www.nuget.org/api/v2
    FAKE (4.63.2) - restriction: == net462
    FSharp.Core (4.2.3) - restriction: == net462
